PATH
  remote: .
  specs:
    jruby-opennlp (0.0.2)

GEM
  remote: http://rubygems.org/
  specs:
    rake (0.9.2.2)
    rspec (1.3.2)

PLATFORMS
  java

DEPENDENCIES
  jruby-opennlp!
  rake
  rspec (~> 1.3.1)
